PATH
  remote: .
  specs:
    sunspot (1.2.rc4)
      escape (= 0.0.4)
      pr_geohash (~> 1.0)
      rsolr (= 0.12.1)

GEM
  remote: http://rubygems.org/
  specs:
    builder (2.1.2)
    escape (0.0.4)
    pr_geohash (1.0.0)
    rsolr (0.12.1)
      builder (>= 2.1.2)
    rspec (1.3.0)

PLATFORMS
  ruby

DEPENDENCIES
  rspec (~> 1.3)
  sunspot (= 1.2.rc4)!
